GEM
  remote: http://rubygems.org/
  specs:
    bourbon (3.1.8)
      sass (>= 3.2.0)
      thor
    neat (1.5.0)
      bourbon (>= 2.1)
      sass (>= 3.2)
    rb-fsevent (0.9.4)
    sass (3.2.13)
    thor (0.18.1)

PLATFORMS
  ruby

DEPENDENCIES
  bourbon (~> 3.1.8)
  neat (~> 1.5.0)
  rb-fsevent (~> 0.9)
  sass (~> 3.2.13)
